GEM
  remote: https://rubygems.org/
  specs:
    httparty (0.16.0)
      multi_xml (>= 0.5.2)
    json (2.1.0)
    multi_xml (0.6.0)
    mustermann (1.0.2)
    rack (2.0.6)
    rack-protection (2.0.1)
      rack
    rake (12.3.0)
    sinatra (2.0.1)
      mustermann (~> 1.0)
      rack (~> 2.0)
      rack-protection (= 2.0.1)
      tilt (~> 2.0)
    tilt (2.0.8)

PLATFORMS
  ruby

DEPENDENCIES
  httparty (~> 0.16.0)
  json (~> 2.1)
  rack (>= 2.0.6)
  rake (~> 12.3)
  sinatra (~> 2.0)

BUNDLED WITH
   2.0.1
